GEM
  remote: https://rubygems.org/
  specs:
    hoe (3.15.3)
      rake (>= 0.8, < 12.0)
    rake (11.3.0)

PLATFORMS
  ruby

DEPENDENCIES
  hoe

BUNDLED WITH
   1.12.5
